PATH
  remote: .
  specs:
    integer-obfuscator (0.2.0)

GEM
  remote: https://rubygems.org/
  specs:
    ansi (1.5.0)
    bluecloth (2.2.0)
    builder (3.3.0)
    minitest (5.25.4)
    minitest-reporters (1.7.1)
      ansi
      builder
      minitest (>= 5.0)
      ruby-progressbar
    power_assert (2.0.5)
    rake (13.2.1)
    ruby-progressbar (1.13.0)
    test-unit (3.6.7)
      power_assert
    yard (0.9.37)

PLATFORMS
  ruby

DEPENDENCIES
  bluecloth
  integer-obfuscator!
  minitest
  minitest-reporters
  rake
  test-unit
  yard

BUNDLED WITH
   2.6.5
