PATH
  remote: .
  specs:
    integer-obfuscator (0.2.0)

GEM
  remote: https://rubygems.org/
  specs:
    ansi (1.5.0)
    bluecloth (2.2.0)
    builder (3.2.4)
    minitest (5.14.1)
    minitest-reporters (1.4.2)
      ansi
      builder
      minitest (>= 5.0)
      ruby-progressbar
    power_assert (1.2.0)
    rake (10.1.0)
    ruby-progressbar (1.10.1)
    test-unit (3.3.5)
      power_assert
    yard (0.8.7.6)

PLATFORMS
  ruby

DEPENDENCIES
  bluecloth
  integer-obfuscator!
  minitest
  minitest-reporters
  rake (~> 10.0)
  test-unit
  yard

BUNDLED WITH
   1.17.3
