PATH
  remote: .
  specs:
    integer-obfuscator (0.2.0)

GEM
  remote: http://rubygems.org/
  specs:
    bluecloth (2.2.0)
    power_assert (1.1.3)
    rake (10.1.0)
    test-unit (3.2.9)
      power_assert
    yard (0.8.7.6)

PLATFORMS
  ruby

DEPENDENCIES
  bluecloth
  integer-obfuscator!
  rake (~> 10.0)
  test-unit
  yard

BUNDLED WITH
   1.17.3
